GEM
  remote: https://rubygems.org/
  specs:
    active_support (3.0.0)
      activesupport (= 3.0.0)
    activesupport (3.0.0)
    columnize (0.3.6)
    debugger (1.2.1)
      columnize (>= 0.3.1)
      debugger-linecache (~> 1.1.1)
      debugger-ruby_core_source (~> 1.1.4)
    debugger-linecache (1.1.2)
      debugger-ruby_core_source (>= 1.1.1)
    debugger-ruby_core_source (1.1.4)
    ffi (1.0.11)
    guard (1.2.3)
      listen (>= 0.4.2)
      thor (>= 0.14.6)
    i18n (0.6.1)
    listen (0.4.7)
      rb-fchange (~> 0.0.5)
      rb-fsevent (~> 0.9.1)
      rb-inotify (~> 0.8.8)
    melbourne (1.0.1)
    minitest (3.2.0)
    rb-fchange (0.0.5)
      ffi
    rb-fsevent (0.9.1)
    rb-inotify (0.8.8)
      ffi (>= 0.5.0)
    ruby_parser (2.3.1)
      sexp_processor (~> 3.0)
    sexp_processor (3.2.0)
    sorcerer (0.3.5)
    thor (0.15.4)

PLATFORMS
  ruby

DEPENDENCIES
  active_support
  debugger
  guard
  i18n
  melbourne
  minitest
  ruby_parser
  sorcerer
